GIT
  remote: git://github.com/TheBigBrainsCompany/capistrano-symfony.git
  revision: f46aa99531d0ffc764119c4e66b5b3859bb8ae70
  branch: parameters
  specs:
    capistrano-symfony (0.3.0)
      capistrano (~> 3.1)
      capistrano-composer (~> 0.0.4)

GEM
  remote: https://rubygems.org/
  specs:
    airbrussh (1.1.0)
      sshkit (>= 1.6.1, != 1.7.0)
    capistrano (3.6.0)
      airbrussh (>= 1.0.0)
      capistrano-harrow
      i18n
      rake (>= 10.0.0)
      sshkit (>= 1.9.0)
    capistrano-bower (1.1.0)
      capistrano (~> 3.0)
    capistrano-composer (0.0.6)
      capistrano (>= 3.0.0.pre)
    capistrano-gulp (0.0.2)
      capistrano (~> 3.0)
    capistrano-harrow (0.5.3)
    capistrano-npm (1.0.2)
      capistrano (>= 3.0.0)
    i18n (0.7.0)
    net-scp (1.2.1)
      net-ssh (>= 2.6.5)
    net-ssh (3.2.0)
    rake (11.2.2)
    sshkit (1.11.1)
      net-scp (>= 1.1.2)
      net-ssh (>= 2.8.0)

PLATFORMS
  ruby

DEPENDENCIES
  capistrano (~> 3.5)
  capistrano-bower
  capistrano-composer
  capistrano-gulp
  capistrano-npm
  capistrano-symfony!

BUNDLED WITH
   1.12.5
